GIT
  remote: https://github.com/bbonamin/bormashino.git
  revision: c3e0b7f40fa1000a84e053c029b7cfd941a3de85
  branch: macos-compatibility
  specs:
    bormashino (0.1.4)
      json_pure (~> 2.6, >= 2.6.1)
      ruby2_keywords (= 0.0.4)
      sinatra (~> 2.2)

GEM
  remote: https://rubygems.org/
  specs:
    json_pure (2.6.1)
    mustermann (1.1.1)
      ruby2_keywords (~> 0.0.1)
    rack (2.2.3)
    rack-protection (2.2.0)
      rack
    ruby2_keywords (0.0.4)
    sinatra (2.2.0)
      mustermann (~> 1.0)
      rack (~> 2.2)
      rack-protection (= 2.2.0)
      tilt (~> 2.0)
    tilt (2.0.10)

PLATFORMS
  arm64-darwin-21
  x86_64-linux

DEPENDENCIES
  bormashino!
  json_pure (~> 2.6, >= 2.6.1)
  ruby2_keywords (= 0.0.4)
  sinatra

BUNDLED WITH
   2.4.0.dev
